PATH
  remote: .
  specs:
    eltiempo (0.1.0)

GEM
  remote: https://rubygems.org/
  specs:
    addressable (2.7.0)
      public_suffix (>= 2.0.2, < 5.0)
    crack (0.4.4)
    diff-lcs (1.4.4)
    docile (1.3.2)
    dotenv (2.7.6)
    hashdiff (1.0.1)
    ox (2.13.4)
    public_suffix (4.0.6)
    rake (13.0.1)
    rspec (3.9.0)
      rspec-core (~> 3.9.0)
      rspec-expectations (~> 3.9.0)
      rspec-mocks (~> 3.9.0)
    rspec-core (3.9.3)
      rspec-support (~> 3.9.3)
    rspec-expectations (3.9.2)
      diff-lcs (>= 1.2.0, < 2.0)
      rspec-support (~> 3.9.0)
    rspec-mocks (3.9.1)
      diff-lcs (>= 1.2.0, < 2.0)
      rspec-support (~> 3.9.0)
    rspec-support (3.9.3)
    simplecov (0.19.0)
      docile (~> 1.1)
      simplecov-html (~> 0.11)
    simplecov-html (0.12.3)
    vcr (6.0.0)
    webmock (3.9.1)
      addressable (>= 2.3.6)
      crack (>= 0.3.2)
      hashdiff (>= 0.4.0, < 2.0.0)

PLATFORMS
  ruby

DEPENDENCIES
  bundler (~> 2.1.2)
  dotenv (~> 2.7.0)
  eltiempo!
  ox (~> 2.13.4)
  rake (~> 13.0.1)
  rspec (~> 3.9.0)
  simplecov (~> 0.19.0)
  vcr (~> 6.0.0)
  webmock (~> 3.9.1)

RUBY VERSION
   ruby 2.7.0p0

BUNDLED WITH
   2.1.2
